PATH
  remote: .
  specs:
    github (0.7.0)
      highline (~> 1.5.1)
      json_pure (~> 1.5.1)
      launchy (~> 2.0.2)
      text-format (= 1.0.0)
      text-hyphen (= 1.0.0)

GEM
  remote: http://rubygems.org/
  specs:
    activemodel (3.0.12)
      activesupport (= 3.0.12)
      builder (~> 2.1.2)
      i18n (~> 0.5.0)
    activerecord (3.0.12)
      activemodel (= 3.0.12)
      activesupport (= 3.0.12)
      arel (~> 2.0.10)
      tzinfo (~> 0.3.23)
    activesupport (3.0.12)
    addressable (2.2.7)
    arel (2.0.10)
    builder (2.1.2)
    highline (1.5.2)
    i18n (0.5.0)
    json_pure (1.5.4)
      spruz (~> 0.2.8)
    launchy (2.0.5)
      addressable (~> 2.2.6)
    rake (0.9.2.2)
    rspec (1.3.2)
    spruz (0.2.13)
    text-format (1.0.0)
      text-hyphen (~> 1.0.0)
    text-hyphen (1.0.0)
    tzinfo (0.3.32)

PLATFORMS
  ruby

DEPENDENCIES
  activerecord (~> 3.0.0)
  github!
  rake
  rspec (~> 1.3.1)
