PATH
  remote: .
  specs:
    github (0.4.5)
      highline (~> 1.5.1)
      json (~> 1.4.6)
      text-format (= 1.0.0)

GEM
  remote: http://rubygems.org/
  specs:
    highline (1.5.2)
    json (1.4.6)
    rake (0.8.7)
    rspec (1.3.1)
    text-format (1.0.0)
      text-hyphen (~> 1.0.0)
    text-hyphen (1.0.0)

PLATFORMS
  ruby

DEPENDENCIES
  github!
  highline (~> 1.5.1)
  json (~> 1.4.6)
  rake
  rspec (= 1.3.1)
  text-format (= 1.0.0)
